GEM
  remote: https://rubygems.org/
  specs:
    diff-lcs (1.5.0)
    rspec (3.12.0)
      rspec-core (~> 3.12.0)
      rspec-expectations (~> 3.12.0)
      rspec-mocks (~> 3.12.0)
    rspec-core (3.12.2)
      rspec-support (~> 3.12.0)
    rspec-expectations (3.12.3)
      diff-lcs (>= 1.2.0, < 2.0)
      rspec-support (~> 3.12.0)
    rspec-mocks (3.12.6)
      diff-lcs (>= 1.2.0, < 2.0)
      rspec-support (~> 3.12.0)
    rspec-support (3.12.1)
    sorbet (0.5.11053)
      sorbet-static (= 0.5.11053)
    sorbet-runtime (0.5.11053)
    sorbet-static (0.5.11053-x86_64-linux)

PLATFORMS
  x64-mingw-ucrt
  x86_64-linux

DEPENDENCIES
  rspec
  sorbet
  sorbet-runtime

BUNDLED WITH
   2.4.20
